PATH
  remote: .
  specs:
    waithook (0.1)
      websocket (~> 1.2.3)

GEM
  remote: https://rubygems.org/
  specs:
    addressable (2.5.0)
      public_suffix (~> 2.0, >= 2.0.2)
    ansi (1.5.0)
    builder (3.2.2)
    excon (0.54.0)
    minitest (5.9.1)
    minitest-reporters (1.1.12)
      ansi
      builder
      minitest (>= 5.0)
      ruby-progressbar
    public_suffix (2.0.4)
    rake (11.3.0)
    ruby-progressbar (1.8.1)
    websocket (1.2.3)

PLATFORMS
  ruby

DEPENDENCIES
  addressable
  excon
  minitest-reporters
  rake
  waithook!

BUNDLED WITH
   1.13.6
