PATH
  remote: .
  specs:
    waithook (0.2)
      websocket (~> 1.2)

GEM
  remote: https://rubygems.org/
  specs:
    addressable (2.5.0)
      public_suffix (~> 2.0, >= 2.0.2)
    ansi (1.5.0)
    builder (3.2.3)
    excon (0.54.0)
    minitest (5.10.1)
    minitest-reporters (1.1.14)
      ansi
      builder
      minitest (>= 5.0)
      ruby-progressbar
    public_suffix (2.0.5)
    rake (12.0.0)
    ruby-progressbar (1.8.1)
    websocket (1.2.3)

PLATFORMS
  ruby

DEPENDENCIES
  addressable
  excon
  minitest-reporters
  rake
  waithook!

BUNDLED WITH
   1.14.2
