PATH
  remote: .
  specs:
    waithook (0.4.2)
      websocket (~> 1.2)

GEM
  remote: https://rubygems.org/
  specs:
    addressable (2.8.7)
      public_suffix (>= 2.0.2, < 7.0)
    ansi (1.5.0)
    builder (3.3.0)
    coderay (1.1.3)
    excon (0.112.0)
    minitest (5.25.1)
    minitest-reporters (1.7.1)
      ansi
      builder
      minitest (>= 5.0)
      ruby-progressbar
    public_suffix (6.0.1)
    rake (13.2.1)
    ruby-progressbar (1.13.0)
    websocket (1.2.11)

PLATFORMS
  ruby

DEPENDENCIES
  addressable
  coderay
  excon
  minitest-reporters
  rake
  waithook!

BUNDLED WITH
   2.5.11
