PATH
  remote: .
  specs:
    waithook (0.3.2)
      websocket (~> 1.2)

GEM
  remote: https://rubygems.org/
  specs:
    addressable (2.5.2)
      public_suffix (>= 2.0.2, < 4.0)
    ansi (1.5.0)
    builder (3.2.3)
    excon (0.58.0)
    minitest (5.10.3)
    minitest-reporters (1.1.16)
      ansi
      builder
      minitest (>= 5.0)
      ruby-progressbar
    public_suffix (3.0.0)
    rake (12.0.0)
    ruby-progressbar (1.8.1)
    websocket (1.2.4)

PLATFORMS
  ruby

DEPENDENCIES
  addressable
  excon
  minitest-reporters
  rake
  waithook!

BUNDLED WITH
   1.15.3
